GEM
  remote: http://rubygems.org/
  specs:
    geokit (1.5.0)
    json (1.5.1)

PLATFORMS
  ruby

DEPENDENCIES
  geokit
  json
