GEM
  remote: http://rubygems.org/
  specs:
    addressable (2.2.6)
    geokit (1.5.0)
    json (1.5.1)

PLATFORMS
  ruby

DEPENDENCIES
  addressable
  geokit
  json
