GEM
  remote: https://rubygems.org/
  specs:
    addressable (2.2.6)
    geocoder (1.1.8)
    json (1.5.1)

PLATFORMS
  ruby

DEPENDENCIES
  addressable
  geocoder
  json
